GEM
  remote: https://rubygems.org/
  specs:
    activesupport (5.2.2)
      concurrent-ruby (~> 1.0, >= 1.0.2)
      i18n (>= 0.7, < 2)
      minitest (~> 5.1)
      tzinfo (~> 1.1)
    concurrent-ruby (1.1.4)
    faraday (0.15.4)
      multipart-post (>= 1.2, < 3)
    faraday_middleware (0.13.0)
      faraday (>= 0.7.4, < 1.0)
    i18n (1.5.3)
      concurrent-ruby (~> 1.0)
    json (2.1.0)
    jwt (2.1.0)
    jwt-multisig (1.0.0)
      activesupport (>= 4.0, < 6.0)
      jwt (~> 2.1)
    minitest (5.11.3)
    multipart-post (2.0.0)
    openssl (2.1.2)
    thread_safe (0.3.6)
    tzinfo (1.2.5)
      thread_safe (~> 0.1)

PLATFORMS
  ruby

DEPENDENCIES
  faraday
  faraday_middleware
  json
  jwt-multisig
  openssl

BUNDLED WITH
   1.16.4
